GEM
  remote: https://rubygems.org/
  specs:
    json (2.6.3)
    macaddr (1.7.2)
      systemu (~> 2.6.5)
    multi_json (1.15.0)
    mustermann (3.0.0)
      ruby2_keywords (~> 0.0.1)
    nokogiri (1.15.2-x86_64-linux)
      racc (~> 1.4)
    racc (1.7.1)
    rack (2.2.7)
    rack-protection (3.0.6)
      rack
    ruby-saml (0.9.2)
      nokogiri (>= 1.5.10)
      uuid (~> 2.3)
    ruby2_keywords (0.0.5)
    sinatra (3.0.6)
      mustermann (~> 3.0)
      rack (~> 2.2, >= 2.2.4)
      rack-protection (= 3.0.6)
      tilt (~> 2.0)
    sinatra-contrib (3.0.6)
      multi_json
      mustermann (~> 3.0)
      rack-protection (= 3.0.6)
      sinatra (= 3.0.6)
      tilt (~> 2.0)
    systemu (2.6.5)
    tilt (2.2.0)
    uuid (2.3.9)
      macaddr (~> 1.0)

PLATFORMS
  x86_64-linux

DEPENDENCIES
  json
  ruby-saml (= 0.9.2)
  sinatra
  sinatra-contrib

BUNDLED WITH
   2.3.7
